GEM
  remote: http://rubygems.org/
  specs:
    abstract (1.0.0)
    actionmailer (3.0.7)
      actionpack (= 3.0.7)
      mail (~> 2.2.15)
    actionpack (3.0.7)
      activemodel (= 3.0.7)
      activesupport (= 3.0.7)
      builder (~> 2.1.2)
      erubis (~> 2.6.6)
      i18n (~> 0.5.0)
      rack (~> 1.2.1)
      rack-mount (~> 0.6.14)
      rack-test (~> 0.5.7)
      tzinfo (~> 0.3.23)
    activemodel (3.0.7)
      activesupport (= 3.0.7)
      builder (~> 2.1.2)
      i18n (~> 0.5.0)
    activerecord (3.0.7)
      activemodel (= 3.0.7)
      activesupport (= 3.0.7)
      arel (~> 2.0.2)
      tzinfo (~> 0.3.23)
    activeresource (3.0.7)
      activemodel (= 3.0.7)
      activesupport (= 3.0.7)
    activesupport (3.0.7)
    addressable (2.2.4)
    amazon-ec2 (0.9.17)
      xml-simple (>= 1.0.12)
    annotate-models (1.0.4)
    arel (2.0.9)
    aws-s3 (0.6.2)
      builder
      mime-types
      xml-simple
    bcrypt-ruby (2.1.4)
    builder (2.1.2)
    capistrano (2.6.0)
      highline
      net-scp (>= 1.0.0)
      net-sftp (>= 2.0.0)
      net-ssh (>= 2.0.14)
      net-ssh-gateway (>= 1.1.0)
    devise (1.2.1)
      bcrypt-ruby (~> 2.1.2)
      orm_adapter (~> 0.0.3)
      warden (~> 1.0.3)
    erubis (2.6.6)
      abstract (>= 1.0.0)
    faraday (0.5.7)
      addressable (~> 2.2.4)
      multipart-post (~> 1.1.0)
      rack (< 2, >= 1.1.0)
    haml (3.1.1)
    has_scope (0.5.0)
    highline (1.6.1)
    httpclient (2.2.0.2)
    i18n (0.5.0)
    inherited_resources (1.2.1)
      has_scope (~> 0.5.0)
      responders (~> 0.6.0)
    jquery-rails (0.2.7)
      rails (~> 3.0)
      thor (~> 0.14.4)
    mail (2.2.19)
      activesupport (>= 2.3.6)
      i18n (>= 0.4.0)
      mime-types (~> 1.16)
      treetop (~> 1.4.8)
    mime-types (1.16)
    multi_json (0.0.5)
    multipart-post (1.1.0)
    mumboe-soap4r (1.5.8.3)
      httpclient (>= 2.1.1)
    mysql (2.8.1)
    net-scp (1.0.4)
      net-ssh (>= 1.99.1)
    net-sftp (2.0.5)
      net-ssh (>= 2.0.9)
    net-ssh (2.1.4)
    net-ssh-gateway (1.1.0)
      net-ssh (>= 1.99.1)
    nettica (0.4.0)
      mumboe-soap4r
    nokogiri (1.4.4)
    oa-core (0.2.0)
      rack (~> 1.1)
    oa-oauth (0.2.0)
      multi_json (~> 0.0.2)
      nokogiri (~> 1.4.2)
      oa-core (= 0.2.0)
      oauth (~> 0.4.0)
      oauth2 (~> 0.1.1)
    oa-openid (0.2.0)
      oa-core (= 0.2.0)
      rack-openid (~> 1.2.0)
      ruby-openid-apps-discovery
    oauth (0.4.4)
    oauth2 (0.1.1)
      faraday (~> 0.5.0)
      multi_json (~> 0.0.4)
    orm_adapter (0.0.4)
    polyglot (0.3.1)
    rack (1.2.2)
    rack-mount (0.6.14)
      rack (>= 1.0.0)
    rack-openid (1.2.0)
      rack (>= 1.1.0)
      ruby-openid (>= 2.1.8)
    rack-test (0.5.7)
      rack (>= 1.0)
    rails (3.0.7)
      actionmailer (= 3.0.7)
      actionpack (= 3.0.7)
      activerecord (= 3.0.7)
      activeresource (= 3.0.7)
      activesupport (= 3.0.7)
      bundler (~> 1.0)
      railties (= 3.0.7)
    railties (3.0.7)
      actionpack (= 3.0.7)
      activesupport (= 3.0.7)
      rake (>= 0.8.7)
      thor (~> 0.14.4)
    rake (0.8.7)
    responders (0.6.2)
    rubber (1.13.0)
      amazon-ec2 (>= 0.9.17)
      aws-s3
      capistrano (>= 2.4.0)
      nettica
    ruby-openid (2.1.8)
    ruby-openid-apps-discovery (1.2.0)
      ruby-openid (>= 2.1.7)
    test-unit (2.2.0)
    thor (0.14.6)
    tiny_mce (0.1.4)
    treetop (1.4.9)
      polyglot (>= 0.3.1)
    tzinfo (0.3.27)
    warden (1.0.3)
      rack (>= 1.0.0)
    webrat (0.7.3)
      nokogiri (>= 1.2.0)
      rack (>= 1.0)
      rack-test (>= 0.5.3)
    xml-simple (1.0.15)

PLATFORMS
  ruby

DEPENDENCIES
  annotate-models
  devise
  haml
  has_scope
  inherited_resources
  jquery-rails (>= 0.2.6)
  mysql
  oa-oauth
  oa-openid
  rails (= 3.0.7)
  rubber (= 1.13.0)
  test-unit
  tiny_mce
  webrat
